PATH
  remote: .
  specs:
    otpm (0.0.2)
      openssl (~> 2)
      rotp (~> 3)

GEM
  remote: https://rubygems.org/
  specs:
    fakefs (0.10.2)
    minitest (5.10.1)
    openssl (2.0.2)
    rake (12.0.0)
    rotp (3.3.0)
    uuidtools (2.1.5)

PLATFORMS
  ruby

DEPENDENCIES
  bundler (~> 1)
  fakefs (~> 0.10)
  minitest (~> 5)
  otpm!
  rake (~> 12)
  uuidtools (~> 2.1)

BUNDLED WITH
   1.14.5
